GIT
  remote: git://github.com/opal/opal.git
  revision: 8e20d29f8942e4d4a0f75380eac82976774d353b
  ref: 8e20d29
  specs:
    opal (0.7.0.dev)
      hike (~> 1.2)
      sourcemap (~> 0.1.0)
      sprockets (~> 2.12.1)
      tilt (~> 1.4)

GIT
  remote: git://github.com/yeahrb/yeah.git
  revision: bf53ef5c4b79aa6f43640e253d1e8f38252307a3
  specs:
    yeah (0.4.2)

GEM
  remote: https://rubygems.org/
  specs:
    hike (1.2.3)
    multi_json (1.10.1)
    rack (1.5.2)
    sourcemap (0.1.1)
    sprockets (2.12.2)
      hike (~> 1.2)
      multi_json (~> 1.0)
      rack (~> 1.0)
      tilt (~> 1.1, != 1.3.0)
    tilt (1.4.1)

PLATFORMS
  ruby

DEPENDENCIES
  opal!
  yeah!
